PATH
  remote: .
  specs:
    dozuki (0.0.1)
      nokogiri

GEM
  remote: http://rubygems.org/
  specs:
    archive-tar-minitar (0.5.2)
    autotest (4.4.5)
    builder (2.1.2)
    columnize (0.3.2)
    cucumber (0.9.4)
      builder (~> 2.1.2)
      diff-lcs (~> 1.1.2)
      gherkin (~> 2.2.9)
      json (~> 1.4.6)
      term-ansicolor (~> 1.0.5)
    diff-lcs (1.1.2)
    gherkin (2.2.9)
      json (~> 1.4.6)
      term-ansicolor (~> 1.0.5)
    json (1.4.6)
    linecache19 (0.5.11)
      ruby_core_source (>= 0.1.4)
    nokogiri (1.4.4)
    rspec (2.2.0)
      rspec-core (~> 2.2)
      rspec-expectations (~> 2.2)
      rspec-mocks (~> 2.2)
    rspec-core (2.2.1)
    rspec-expectations (2.2.0)
      diff-lcs (~> 1.1.2)
    rspec-mocks (2.2.0)
    ruby-debug-base19 (0.11.24)
      columnize (>= 0.3.1)
      linecache19 (>= 0.5.11)
      ruby_core_source (>= 0.1.4)
    ruby-debug19 (0.11.6)
      columnize (>= 0.3.1)
      linecache19 (>= 0.5.11)
      ruby-debug-base19 (>= 0.11.19)
    ruby_core_source (0.1.4)
      archive-tar-minitar (>= 0.5.2)
    term-ansicolor (1.0.5)

PLATFORMS
  ruby

DEPENDENCIES
  autotest
  cucumber
  dozuki!
  nokogiri
  rspec
  ruby-debug19
